GEM
  remote: https://rubygems.org/
  specs:
    terminal-table (1.7.3)
      unicode-display_width (~> 1.1.1)
    unicode-display_width (1.1.1)

PLATFORMS
  x86-mingw32

DEPENDENCIES
  terminal-table

BUNDLED WITH
   1.13.6
